GEM
  remote: https://rubygems.org/
  specs:
    coderay (1.1.0)
    commander (4.2.1)
      highline (~> 1.6.11)
    cutest (1.2.1)
    fakeredis (0.3.3)
      redis (~> 2.2.0)
    highline (1.6.21)
    hiredis (0.5.2)
    method_source (0.8.2)
    msgpack (0.5.9)
    nido (0.0.1)
    ohm (2.0.1)
      msgpack
      nido
      redic
    pry (0.10.1)
      coderay (~> 1.1.0)
      method_source (~> 0.8.1)
      slop (~> 3.4)
    redic (1.1.1)
      hiredis
    redis (2.2.2)
    slop (3.6.0)

PLATFORMS
  ruby

DEPENDENCIES
  commander
  cutest
  fakeredis (~> 0.3.0)
  ohm (~> 2.0.1)
  pry
